GEM
  remote: http://rubygems.org/
  specs:
    bson (1.1.1)
    bson_ext (1.1.1)
    diff-lcs (1.1.2)
    mongo (1.1.1)
      bson (>= 1.1.1)
    rspec (2.6.0)
      rspec-core (~> 2.6.0)
      rspec-expectations (~> 2.6.0)
      rspec-mocks (~> 2.6.0)
    rspec-core (2.6.4)
    rspec-expectations (2.6.0)
      diff-lcs (~> 1.1.2)
    rspec-mocks (2.6.0)
    test-unit (2.3.0)

PLATFORMS
  ruby

DEPENDENCIES
  bson (= 1.1.1)
  bson_ext (= 1.1.1)
  mongo (= 1.1.1)
  rspec
  test-unit
